GEM
  remote: http://rubygems.org/
  specs:
    addressable (2.3.2)
    faraday (0.7.6)
      addressable (~> 2.2)
      multipart-post (~> 1.1)
      rack (~> 1.1)
    json (1.7.5)
    jwt (2.2.1)
    multi_json (1.3.6)
    multipart-post (1.1.5)
    oauth2 (0.5.2)
      faraday (~> 0.7)
      multi_json (~> 1.0)
    rack (1.6.11)

PLATFORMS
  ruby

DEPENDENCIES
  json
  jwt
  oauth2
